GEM
  remote: https://rubygems.org/
  specs:
    excon (0.34.0)
    simple_oauth (0.2.0)

PLATFORMS
  ruby

DEPENDENCIES
  excon
  simple_oauth
