GEM
  remote: https://rubygems.org/
  specs:
    dotenv (0.11.1)
      dotenv-deployment (~> 0.0.2)
    dotenv-deployment (0.0.2)
    excon (0.34.0)
    simple_oauth (0.2.0)

PLATFORMS
  ruby

DEPENDENCIES
  dotenv
  excon
  simple_oauth
